GEM
  remote: http://rubygems.org/
  specs:
    deep_merge (1.2.1)
    mini_magick (4.8.0)
    mork (0.12.0)
      deep_merge (~> 1.0)
      mini_magick (~> 4.5)
      narray (~> 0.6)
      prawn (~> 2.1)
    narray (0.6.1.2)
    pdf-core (0.7.0)
    prawn (2.2.2)
      pdf-core (~> 0.7.0)
      ttfunk (~> 1.5)
    ttfunk (1.5.1)

PLATFORMS
  ruby

DEPENDENCIES
  mork

BUNDLED WITH
   1.16.1
